PATH
  remote: .
  specs:
    es-http-client (0.1.2)
      faraday (~> 0.13)
      faraday_middleware (~> 0.12)
      hashie (~> 3.5)
      json (~> 2.1)
      uuidtools (~> 2.1)

GEM
  remote: http://rubygems.org/
  specs:
    diff-lcs (1.3)
    faraday (0.13.1)
      multipart-post (>= 1.2, < 3)
    faraday_middleware (0.12.2)
      faraday (>= 0.7.4, < 1.0)
    hashie (3.5.7)
    json (2.1.0)
    multipart-post (2.0.0)
    rspec (3.7.0)
      rspec-core (~> 3.7.0)
      rspec-expectations (~> 3.7.0)
      rspec-mocks (~> 3.7.0)
    rspec-core (3.7.0)
      rspec-support (~> 3.7.0)
    rspec-expectations (3.7.0)
      diff-lcs (>= 1.2.0, < 2.0)
      rspec-support (~> 3.7.0)
    rspec-mocks (3.7.0)
      diff-lcs (>= 1.2.0, < 2.0)
      rspec-support (~> 3.7.0)
    rspec-support (3.7.0)
    uuidtools (2.1.5)

PLATFORMS
  ruby

DEPENDENCIES
  es-http-client!
  rspec (~> 3.5)

BUNDLED WITH
   1.16.0
